GEM
  remote: https://rubygems.org/
  specs:
    faker (1.8.4)
      i18n (~> 0.5)
    i18n (0.8.6)
    rake (12.0.0)

PLATFORMS
  ruby

DEPENDENCIES
  faker
  rake

RUBY VERSION
   ruby 2.3.1p112

BUNDLED WITH
   1.15.3
